GIT
  remote: https://github.com/SettRaziel/ruby_utils
  revision: 7cafebf00721914954edd91270d0e30298aa80eb
  specs:
    ruby_utils (0.0.1)

PATH
  remote: .
  specs:
    wrf_library (0.0.1)
      ruby_utils (~> 0.0.1)

GEM
  remote: https://rubygems.org/
  specs:
    json (2.3.0)
    power_assert (1.1.6)
    rake (13.0.1)
    test-unit (3.3.5)
      power_assert

PLATFORMS
  ruby

DEPENDENCIES
  json
  rake (~> 13.0, >= 13.0.1)
  ruby_utils!
  test-unit (~> 3.3, >= 3.3.0)
  wrf_library!

BUNDLED WITH
   2.1.4
