GIT
  remote: https://github.com/SettRaziel/ruby_utils
  revision: 7cafebf00721914954edd91270d0e30298aa80eb
  specs:
    ruby_utils (0.0.1)

PATH
  remote: .
  specs:
    wrf_library (0.0.1)
      ruby_utils (~> 0.0.1)

GEM
  remote: https://rubygems.org/
  specs:
    diff-lcs (1.3)
    json (2.3.0)
    power_assert (1.1.6)
    rake (13.0.1)
    rspec (3.9.0)
      rspec-core (~> 3.9.0)
      rspec-expectations (~> 3.9.0)
      rspec-mocks (~> 3.9.0)
    rspec-core (3.9.1)
      rspec-support (~> 3.9.1)
    rspec-expectations (3.9.0)
      diff-lcs (>= 1.2.0, < 2.0)
      rspec-support (~> 3.9.0)
    rspec-mocks (3.9.1)
      diff-lcs (>= 1.2.0, < 2.0)
      rspec-support (~> 3.9.0)
    rspec-support (3.9.2)
    test-unit (3.3.5)
      power_assert

PLATFORMS
  ruby

DEPENDENCIES
  json
  rake (~> 13.0, >= 13.0.1)
  rspec (~> 3.9, >= 3.9.0)
  ruby_utils!
  test-unit (~> 3.3, >= 3.3.0)
  wrf_library!

BUNDLED WITH
   2.1.4
